GIT
  remote: git://github.com/xiejiangzhi/bloomfilter-rb.git
  revision: e6907fda596ba1796358a43822c8dd18ddc14e14
  ref: e6907fd
  specs:
    bloomfilter-rb (2.1.2)

GEM
  remote: http://192.168.0.108:8809/
  remote: http://192.168.0.108:8809/private/
  specs:
    activesupport (5.2.3)
      concurrent-ruby (~> 1.0, >= 1.0.2)
      i18n (>= 0.7, < 2)
      minitest (~> 5.1)
      tzinfo (~> 1.1)
    addressable (2.6.0)
      public_suffix (>= 2.0.2, < 4.0)
    ast (2.4.0)
    bootsnap (1.4.4)
      msgpack (~> 1.0)
    builder (3.2.3)
    byebug (11.0.1)
    classy_hash (0.2.1)
    coderay (1.1.2)
    concurrent-ruby (1.1.5)
    connection_pool (2.2.2)
    crack (0.4.3)
      safe_yaml (~> 1.0.0)
    diff-lcs (1.3)
    execjs (2.7.0)
    faker (1.9.3)
      i18n (>= 0.7)
    faraday (0.15.4)
      multipart-post (>= 1.2, < 3)
    ffi (1.11.1)
    ffi (1.11.1-x64-mingw32)
    filewatcher (1.1.1)
      optimist (~> 3.0)
    gem-licenses (0.2.2)
    google-protobuf (3.7.1)
    google-protobuf (3.7.1-x64-mingw32)
    googleapis-common-protos-types (1.0.4)
      google-protobuf (~> 3.0)
    grpc (1.21.0)
      google-protobuf (~> 3.7)
      googleapis-common-protos-types (~> 1.0)
    grpc (1.21.0-x64-mingw32)
      google-protobuf (~> 3.7)
      googleapis-common-protos-types (~> 1.0)
    grpc-tools (1.19.0)
    hashdiff (0.3.9)
    http-2 (0.10.1.1)
    http_parser.rb (0.6.0)
    i18n (1.6.0)
      concurrent-ruby (~> 1.0)
    jaro_winkler (1.5.2)
    method_source (0.9.2)
    minitest (5.11.3)
    msgpack (1.2.10)
    msgpack (1.2.10-x64-mingw32)
    multipart-post (2.1.1)
    net-http-persistent (3.0.1)
      connection_pool (~> 2.2)
    optimist (3.0.0)
    parallel (1.17.0)
    parser (2.6.3.0)
      ast (~> 2.4.0)
    patience_diff (1.1.0)
      trollop (~> 1.16)
    pry (0.12.2)
      coderay (~> 1.1.0)
      method_source (~> 0.9.0)
    pry-byebug (3.7.0)
      byebug (~> 11.0)
      pry (~> 0.10)
    public_suffix (3.0.3)
    puma (3.12.1)
    rack (2.0.7)
    rainbow (3.0.0)
    rake (12.3.2)
    redcarpet (3.4.0)
    regexp-examples (1.4.4.1)
    rspec (3.8.0)
      rspec-core (~> 3.8.0)
      rspec-expectations (~> 3.8.0)
      rspec-mocks (~> 3.8.0)
    rspec-core (3.8.0)
      rspec-support (~> 3.8.0)
    rspec-expectations (3.8.3)
      diff-lcs (>= 1.2.0, < 2.0)
      rspec-support (~> 3.8.0)
    rspec-mocks (3.8.0)
      diff-lcs (>= 1.2.0, < 2.0)
      rspec-support (~> 3.8.0)
    rspec-support (3.8.0)
    rubocop (0.71.0)
      jaro_winkler (~> 1.5.1)
      parallel (~> 1.10)
      parser (>= 2.6)
      rainbow (>= 2.2.2, < 4.0)
      ruby-progressbar (~> 1.7)
      unicode-display_width (>= 1.4.0, < 1.7)
    ruby-progressbar (1.10.1)
    safe_yaml (1.0.5)
    sassc (2.0.1)
      ffi (~> 1.9)
      rake
    slim (4.0.1)
      temple (>= 0.7.6, < 0.9)
      tilt (>= 2.0.6, < 2.1)
    super_diff (0.1.0)
      diff-lcs
      patience_diff
    temple (0.8.1)
    thread_safe (0.3.6)
    tilt (2.0.9)
    trollop (1.16.2)
    tzinfo (1.2.5)
      thread_safe (~> 0.1)
    uglifier (4.1.20)
      execjs (>= 0.3.0, < 3)
    unicode-display_width (1.6.0)
    webmock (3.5.1)
      addressable (>= 2.3.6)
      crack (>= 0.3.2)
      hashdiff
    websocket (1.2.8)
    webview (0.1.5)
    xjz_loader (0.1.6)

PLATFORMS
  ruby
  x64-mingw32

DEPENDENCIES
  activesupport (~> 5.2.2)
  bloomfilter-rb!
  bootsnap (~> 1.4.1)
  builder (~> 3.2.3)
  classy_hash (~> 0.2.1)
  faker (~> 1.9.3)
  faraday (~> 0.15.4)
  filewatcher (~> 1.1.1)
  gem-licenses
  google-protobuf (~> 3.7.0)
  grpc (~> 1.21.0)
  grpc-tools (~> 1.19.0)
  http-2 (~> 0.10.1.1)!
  http_parser.rb (~> 0.6.0)
  net-http-persistent (~> 3.0.1)
  pry
  pry-byebug
  puma (~> 3.12.1)
  rack (~> 2.0.6)
  rake
  redcarpet (~> 3.4.0)
  regexp-examples (~> 1.4.4.1)!
  rspec (~> 3.8.0)
  rubocop (~> 0.71.0)
  sassc (~> 2.0.1)
  slim (~> 4.0.1)
  super_diff
  tilt (~> 2.0.9)
  uglifier (~> 4.1.20)
  webmock (~> 3.5.1)
  websocket (~> 1.2.8)
  webview (~> 0.1.5)
  xjz_loader (~> 0.1.6)!

BUNDLED WITH
   1.17.2
