PATH
  remote: ../../PubCode/http-2
  specs:
    http-2 (0.10.1)

GEM
  remote: https://rubygems.org/
  specs:
    activesupport (5.2.3)
      concurrent-ruby (~> 1.0, >= 1.0.2)
      i18n (>= 0.7, < 2)
      minitest (~> 5.1)
      tzinfo (~> 1.1)
    bootsnap (1.4.2)
      msgpack (~> 1.0)
    builder (3.2.3)
    classy_hash (0.2.1)
    concurrent-ruby (1.1.5)
    faker (1.9.3)
      i18n (>= 0.7)
    google-protobuf (3.7.1)
    googleapis-common-protos-types (1.0.3)
      google-protobuf (~> 3.0)
    grpc (1.19.0)
      google-protobuf (~> 3.1)
      googleapis-common-protos-types (~> 1.0.0)
    grpc-tools (1.19.0)
    http_parser.rb (0.6.0)
    httparty (0.16.4)
      mime-types (~> 3.0)
      multi_xml (>= 0.5.2)
    i18n (1.6.0)
      concurrent-ruby (~> 1.0)
    mime-types (3.2.2)
      mime-types-data (~> 3.2015)
    mime-types-data (3.2019.0331)
    minitest (5.11.3)
    msgpack (1.2.9)
    multi_xml (0.6.0)
    rack (2.0.7)
    slim (4.0.1)
      temple (>= 0.7.6, < 0.9)
      tilt (>= 2.0.6, < 2.1)
    temple (0.8.1)
    thread_safe (0.3.6)
    tilt (2.0.9)
    tzinfo (1.2.5)
      thread_safe (~> 0.1)
    websocket (1.2.8)

PLATFORMS
  ruby

DEPENDENCIES
  activesupport (~> 5.2.2)
  bootsnap (~> 1.4.2)
  builder (~> 3.2.3)
  classy_hash (~> 0.2.1)
  concurrent-ruby (~> 1.1.4)
  faker (~> 1.9.3)
  google-protobuf (~> 3.7.0)
  grpc (~> 1.19.0)
  grpc-tools (~> 1.19.0)
  http-2!
  http_parser.rb (~> 0.6.0)
  httparty (~> 0.16.4)
  rack (~> 2.0.6)
  slim (~> 4.0.1)
  tilt (~> 2.0.9)
  websocket (~> 1.2.8)

BUNDLED WITH
   1.17.3
